GEM
  remote: https://rubygems.org/
  specs:
    hiera-eyaml (4.2.0)
      highline (>= 2.1, < 4)
      optimist (~> 3.1)
    highline (3.1.2)
      reline
    io-console (0.8.0)
    optimist (3.2.1)
    reline (0.6.0)
      io-console (~> 0.5)

PLATFORMS
  ruby

DEPENDENCIES
  hiera-eyaml

BUNDLED WITH
   2.6.2
